PATH
  remote: vendor/e9_base
  specs:
    e9_base (1.6.8)
      activemerchant (= 1.20.0)
      acts_as_list (= 0.1.3)
      awesome_nested_set (= 2.0.2)
      bitly (= 0.6.1)
      breadcrumbs_on_rails (= 1.0.1)
      carrierwave (= 0.5.7)
      chronic (= 0.5.0)
      compass (= 0.11.4)
      compass-rgbapng (= 0.1.1)
      declarative_authorization (~> 0.5.1)
      delayed_job (~> 2.1.2)
      devise (~> 1.1.5)
      devise_revokable
      draper (= 0.9.5)
      fb_graph (= 1.9.2)
      haml (= 3.1.2)
      has_scope (= 0.5.0)
      inherited_resources (= 1.2.2)
      jammit (= 0.6.3)
      kramdown (~> 0.13)
      liquid (= 2.2.2)
      mini_magick (= 3.3)
      no_peeping_toms
      oauth (= 0.4.5)
      oauth2 (= 0.5.1)
      rack-cache (= 1.0.2)
      rack-recaptcha (= 0.6.3)
      rails (= 3.0.10)
      rb-inotify (= 0.8.5)
      responders (= 0.6.4)
      rest-client (~> 1.6.7)
      sass (= 3.1.2)
      twitter_oauth (= 0.4.3)
      uuidtools (= 2.1.2)
      will_paginate (= 3.0.2)

PATH
  remote: vendor/e9_base/engines/e9_attributes
  specs:
    e9_attributes (1.6.8)

PATH
  remote: vendor/e9_base/engines/e9_crm
  specs:
    e9_crm (1.6.8)
      kramdown (~> 0.13)
      money

PATH
  remote: vendor/e9_base/engines/e9_polls
  specs:
    e9_polls (1.6.8)

PATH
  remote: vendor/e9_base/engines/e9_tags
  specs:
    e9_tags (1.6.8)
      acts-as-taggable-on (~> 2.0.6)
      rails (~> 3.0.0)

PATH
  remote: vendor/e9_base/engines/e9_vendors
  specs:
    e9_vendors (1.6.8)

GEM
  remote: http://rubygems.org/
  specs:
    POpen4 (0.1.4)
      Platform (>= 0.4.0)
      open4
    Platform (0.4.0)
    abstract (1.0.0)
    actionmailer (3.0.10)
      actionpack (= 3.0.10)
      mail (~> 2.2.19)
    actionpack (3.0.10)
      activemodel (= 3.0.10)
      activesupport (= 3.0.10)
      builder (~> 2.1.2)
      erubis (~> 2.6.6)
      i18n (~> 0.5.0)
      rack (~> 1.2.1)
      rack-mount (~> 0.6.14)
      rack-test (~> 0.5.7)
      tzinfo (~> 0.3.23)
    active_utils (1.0.1)
      activesupport (>= 2.3.11)
      i18n
    activemerchant (1.20.0)
      active_utils (>= 1.0.1)
      activesupport (>= 2.3.11)
      braintree (>= 2.0.0)
      builder (>= 2.0.0)
      i18n
      json (>= 1.5.1)
      money (<= 3.7.1)
    activemodel (3.0.10)
      activesupport (= 3.0.10)
      builder (~> 2.1.2)
      i18n (~> 0.5.0)
    activerecord (3.0.10)
      activemodel (= 3.0.10)
      activesupport (= 3.0.10)
      arel (~> 2.0.10)
      tzinfo (~> 0.3.23)
    activeresource (3.0.10)
      activemodel (= 3.0.10)
      activesupport (= 3.0.10)
    activesupport (3.0.10)
    acts-as-taggable-on (2.0.6)
    acts_as_list (0.1.3)
    addressable (2.2.6)
    arel (2.0.10)
    attr_required (0.0.3)
    awesome_nested_set (2.0.2)
      activerecord (>= 3.0.0)
    bcrypt-ruby (2.1.4)
    bitly (0.6.1)
      crack (>= 0.1.4)
      httparty (>= 0.5.2)
      oauth2 (>= 0.1.1)
    braintree (2.13.1)
      builder (>= 2.0.0)
    breadcrumbs_on_rails (1.0.1)
    builder (2.1.2)
    carrierwave (0.5.7)
      activesupport (~> 3.0)
    chronic (0.5.0)
    chunky_png (1.2.5)
    compass (0.11.4)
      chunky_png (~> 1.2)
      fssm (>= 0.2.7)
      sass (~> 3.1)
    compass-rgbapng (0.1.1)
      chunky_png (>= 0.8.0)
      compass (>= 0.10.0)
    crack (0.3.1)
    daemons (1.1.4)
    declarative_authorization (0.5.4)
    delayed_job (2.1.4)
      activesupport (~> 3.0)
      daemons
    devise (1.1.9)
      bcrypt-ruby (~> 2.1.2)
      warden (~> 1.0.2)
    devise_revokable (0.0.3)
      devise (~> 1.1.5)
      rails (~> 3.0.0)
    draper (0.9.5)
      activesupport (>= 2.3.10)
    erubis (2.6.6)
      abstract (>= 1.0.0)
    excon (0.7.6)
    faraday (0.7.5)
      addressable (~> 2.2.6)
      multipart-post (~> 1.1.3)
      rack (>= 1.1.0, < 2)
    fb_graph (1.9.2)
      httpclient (>= 2.2.0.2)
      rack-oauth2 (>= 0.8.0)
    ffi (1.0.11)
    fog (1.0.0)
      builder
      excon (~> 0.7.3)
      formatador (~> 0.2.0)
      mime-types
      multi_json (~> 1.0.3)
      net-scp (~> 1.0.4)
      net-ssh (~> 2.1.4)
      nokogiri (~> 1.5.0)
      ruby-hmac
    formatador (0.2.1)
    fssm (0.2.7)
    haml (3.1.2)
    has_scope (0.5.0)
    httparty (0.8.1)
      multi_json
      multi_xml
    httpclient (2.2.3)
    i18n (0.5.0)
    inherited_resources (1.2.2)
      has_scope (~> 0.5.0)
      responders (~> 0.6.0)
    jammit (0.6.3)
      yui-compressor (>= 0.9.3)
    json (1.6.2)
    kgio (2.6.0)
    kramdown (0.13.3)
    liquid (2.2.2)
    mail (2.2.19)
      activesupport (>= 2.3.6)
      i18n (>= 0.4.0)
      mime-types (~> 1.16)
      treetop (~> 1.4.8)
    mime-types (1.16)
    mini_magick (3.3)
      subexec (~> 0.1.0)
    money (3.7.1)
      i18n (~> 0.4)
    multi_json (1.0.3)
    multi_xml (0.4.1)
    multipart-post (1.1.4)
    mysql2 (0.2.13)
    net-scp (1.0.4)
      net-ssh (>= 1.99.1)
    net-ssh (2.1.4)
    no_peeping_toms (2.1.2)
      activerecord (>= 3.0.0)
      activesupport (>= 3.0.0)
    nokogiri (1.5.0)
    oauth (0.4.5)
    oauth2 (0.5.1)
      faraday (~> 0.7.4)
      multi_json (~> 1.0.3)
    open4 (1.3.0)
    polyglot (0.3.3)
    rack (1.2.4)
    rack-cache (1.0.2)
      rack (>= 0.4)
    rack-mount (0.6.14)
      rack (>= 1.0.0)
    rack-oauth2 (0.11.0)
      activesupport (>= 2.3)
      attr_required (>= 0.0.3)
      httpclient (>= 2.2.0.2)
      i18n
      json (>= 1.4.3)
      rack (>= 1.1)
    rack-recaptcha (0.6.3)
      json
    rack-test (0.5.7)
      rack (>= 1.0)
    rails (3.0.10)
      actionmailer (= 3.0.10)
      actionpack (= 3.0.10)
      activerecord (= 3.0.10)
      activeresource (= 3.0.10)
      activesupport (= 3.0.10)
      bundler (~> 1.0)
      railties (= 3.0.10)
    railties (3.0.10)
      actionpack (= 3.0.10)
      activesupport (= 3.0.10)
      rake (>= 0.8.7)
      rdoc (~> 3.4)
      thor (~> 0.14.4)
    rake (0.9.2.2)
    rb-inotify (0.8.5)
      ffi (>= 0.5.0)
    rdoc (3.11)
      json (~> 1.4)
    redis (2.2.0)
    redis-store (1.0.0.beta5)
      redis (>= 2.0.0)
      redis (~> 2.2.0)
    responders (0.6.4)
    rest-client (1.6.7)
      mime-types (>= 1.16)
    ruby-hmac (0.4.0)
    sass (3.1.2)
    sqlite3 (1.3.4)
    subexec (0.1.0)
    thor (0.14.6)
    treetop (1.4.10)
      polyglot
      polyglot (>= 0.3.1)
    twitter_oauth (0.4.3)
      json (>= 1.1.9)
      mime-types (>= 1.16)
      oauth (>= 0.4.1)
    tzinfo (0.3.31)
    unicorn (3.6.2)
      kgio (~> 2.3)
      rack
    uuidtools (2.1.2)
    warden (1.0.6)
      rack (>= 1.0)
    will_paginate (3.0.2)
    yui-compressor (0.9.6)
      POpen4 (>= 0.1.4)

PLATFORMS
  ruby

DEPENDENCIES
  e9_attributes!
  e9_base!
  e9_crm!
  e9_polls!
  e9_tags!
  e9_vendors!
  fog
  mysql2 (< 0.3.0)
  redis (= 2.2.0)
  redis-store (= 1.0.0.beta5)
  sqlite3
  unicorn (~> 3.6.1)
